PATH
  remote: .
  specs:
    UnbeatableTicTacToe (0.0.0)

GEM
  remote: https://rubygems.org/
  specs:

PLATFORMS
  ruby

DEPENDENCIES
  UnbeatableTicTacToe!
